STORAGE: NONE
RESTRICTION: || (== netcoreapp3.1) (== netstandard2.0) (== netstandard2.1)
NUGET
  remote: https://api.nuget.org/v3/index.json
    AWSSDK.Core (3.3.104.24)
    AWSSDK.DynamoDBv2 (3.3.104.25)
      AWSSDK.Core (>= 3.3.104.23 < 3.4)
    AWSSDK.SecurityToken (3.3.104.29)
      AWSSDK.Core (>= 3.3.104.24 < 3.4)
    Newtonsoft.Json (12.0.3)
